GEM
  remote: https://rubygems.org/
  specs:
    dimensions (1.3.0)
    ruby-units (2.3.1)

PLATFORMS
  ruby

DEPENDENCIES
  dimensions
  ruby-units

BUNDLED WITH
   1.17.1
